GEM
  remote: https://rubygems.org/
  specs:
    coderay (1.1.1)
    haml (5.0.1)
      temple (>= 0.8.0)
      tilt
    method_source (0.8.2)
    mustermann (1.0.0)
    pry (0.10.4)
      coderay (~> 1.1.0)
      method_source (~> 0.8.1)
      slop (~> 3.4)
    rack (2.0.3)
    rack-protection (2.0.0)
      rack
    redis (3.3.3)
    sinatra (2.0.0)
      mustermann (~> 1.0)
      rack (~> 2.0)
      rack-protection (= 2.0.0)
      tilt (~> 2.0)
    slop (3.6.0)
    temple (0.8.0)
    tilt (2.0.7)

PLATFORMS
  ruby

DEPENDENCIES
  haml
  pry
  redis
  sinatra

BUNDLED WITH
   1.15.1
